GEM
  remote: https://rubygems.org/
  specs:
    domain_name (0.5.20190701)
      unf (>= 0.0.5, < 1.0.0)
    ffi (1.15.4-x64-mingw32)
    http-accept (1.7.0)
    http-cookie (1.0.4)
      domain_name (~> 0.5)
    mime-types (3.4.1)
      mime-types-data (~> 3.2015)
    mime-types-data (3.2021.1115)
    netrc (0.11.0)
    rest-client (2.1.0-x64-mingw32)
      ffi (~> 1.9)
      http-accept (>= 1.7.0, < 2.0)
      http-cookie (>= 1.0.2, < 2.0)
      mime-types (>= 1.16, < 4.0)
      netrc (~> 0.8)
    terminal-table (3.0.2)
      unicode-display_width (>= 1.1.1, < 3)
    unf (0.1.4)
      unf_ext
    unf_ext (0.0.8-x64-mingw32)
    unicode-display_width (2.1.0)

PLATFORMS
  x64-mingw32

DEPENDENCIES
  rest-client
  terminal-table

BUNDLED WITH
   2.1.4
